GEM
  remote: http://rubygems.org/
  specs:
    diff-lcs (1.1.3)
    gherkin (2.12.0)
      multi_json (~> 1.3)
    multi_json (1.7.3)
    rspec (2.11.0)
      rspec-core (~> 2.11.0)
      rspec-expectations (~> 2.11.0)
      rspec-mocks (~> 2.11.0)
    rspec-core (2.11.1)
    rspec-expectations (2.11.3)
      diff-lcs (~> 1.1.3)
    rspec-mocks (2.11.3)
    turnip (1.0.0)
      gherkin (>= 2.5)
      rspec (~> 2.0)

PLATFORMS
  ruby

DEPENDENCIES
  rspec (~> 2.11.0)
  turnip (~> 1.0.0)
