GEM
  remote: http://rubygems.org/
  specs:
    coderay (1.0.9)
    diff-lcs (1.1.3)
    gherkin (2.12.0)
      multi_json (~> 1.3)
    json (1.7.7)
    method_source (0.8.1)
    multi_json (1.7.3)
    pry (0.9.12.2)
      coderay (~> 1.0.5)
      method_source (~> 0.8)
      slop (~> 3.4)
    rspec (2.11.0)
      rspec-core (~> 2.11.0)
      rspec-expectations (~> 2.11.0)
      rspec-mocks (~> 2.11.0)
    rspec-core (2.11.1)
    rspec-expectations (2.11.3)
      diff-lcs (~> 1.1.3)
    rspec-mocks (2.11.3)
    slop (3.4.4)
    turnip (1.0.0)
      gherkin (>= 2.5)
      rspec (~> 2.0)

PLATFORMS
  ruby

DEPENDENCIES
  json (~> 1.7.7)
  pry (~> 0.9.12.2)
  rspec (~> 2.11.0)
  turnip (~> 1.0.0)
